PATH
  remote: .
  specs:
    nugator (0.1.0)
      dry-auto_inject
      dry-container
      dry-struct
      ibm_watson (~> 0.10.0)

GEM
  remote: https://rubygems.org/
  specs:
    addressable (2.5.2)
      public_suffix (>= 2.0.2, < 4.0)
    coderay (1.1.2)
    concurrent-ruby (1.1.4)
    diff-lcs (1.3)
    docile (1.3.1)
    domain_name (0.5.20180417)
      unf (>= 0.0.5, < 1.0.0)
    dry-auto_inject (0.6.0)
      dry-container (>= 0.3.4)
    dry-configurable (0.7.0)
      concurrent-ruby (~> 1.0)
    dry-container (0.6.0)
      concurrent-ruby (~> 1.0)
      dry-configurable (~> 0.1, >= 0.1.3)
    dry-core (0.4.7)
      concurrent-ruby (~> 1.0)
    dry-equalizer (0.2.1)
    dry-inflector (0.1.2)
    dry-logic (0.4.2)
      dry-container (~> 0.2, >= 0.2.6)
      dry-core (~> 0.2)
      dry-equalizer (~> 0.2)
    dry-struct (0.6.0)
      dry-core (~> 0.4, >= 0.4.3)
      dry-equalizer (~> 0.2)
      dry-types (~> 0.13)
      ice_nine (~> 0.11)
    dry-types (0.13.4)
      concurrent-ruby (~> 1.0)
      dry-container (~> 0.3)
      dry-core (~> 0.4, >= 0.4.4)
      dry-equalizer (~> 0.2)
      dry-inflector (~> 0.1, >= 0.1.2)
      dry-logic (~> 0.4, >= 0.4.2)
    eventmachine (1.2.7)
    faye-websocket (0.10.7)
      eventmachine (>= 0.12.0)
      websocket-driver (>= 0.5.1)
    http (3.3.0)
      addressable (~> 2.3)
      http-cookie (~> 1.0)
      http-form_data (~> 2.0)
      http_parser.rb (~> 0.6.0)
    http-cookie (1.0.3)
      domain_name (~> 0.5)
    http-form_data (2.1.1)
    http_parser.rb (0.6.0)
    ibm_watson (0.10.0)
      concurrent-ruby (~> 1.0)
      eventmachine (~> 1.2)
      faye-websocket (~> 0.10)
      http (~> 3.3)
    ice_nine (0.11.2)
    json (2.1.0)
    method_source (0.9.2)
    pry (0.12.2)
      coderay (~> 1.1.0)
      method_source (~> 0.9.0)
    public_suffix (3.0.3)
    rake (10.5.0)
    rspec (3.8.0)
      rspec-core (~> 3.8.0)
      rspec-expectations (~> 3.8.0)
      rspec-mocks (~> 3.8.0)
    rspec-core (3.8.0)
      rspec-support (~> 3.8.0)
    rspec-expectations (3.8.2)
      diff-lcs (>= 1.2.0, < 2.0)
      rspec-support (~> 3.8.0)
    rspec-mocks (3.8.0)
      diff-lcs (>= 1.2.0, < 2.0)
      rspec-support (~> 3.8.0)
    rspec-support (3.8.0)
    simplecov (0.16.1)
      docile (~> 1.1)
      json (>= 1.8, < 3)
      simplecov-html (~> 0.10.0)
    simplecov-html (0.10.2)
    unf (0.1.4)
      unf_ext
    unf_ext (0.0.7.5)
    websocket-driver (0.7.0)
      websocket-extensions (>= 0.1.0)
    websocket-extensions (0.1.3)

PLATFORMS
  ruby

DEPENDENCIES
  bundler (~> 1.16)
  nugator!
  pry
  rake (~> 10.0)
  rspec
  simplecov

BUNDLED WITH
   1.17.2
